GEM
  remote: https://rubygems.org/
  specs:
    albino (1.3.3)
      posix-spawn (>= 0.3.6)
    posix-spawn (0.3.6)
    redcarpet (2.2.2)

PLATFORMS
  ruby

DEPENDENCIES
  albino
  redcarpet
